GEM
  remote: https://rubygems.org/
  specs:
    mini_portile2 (2.3.0)
    nokogiri (1.8.5)
      mini_portile2 (~> 2.3.0)
    open_uri_redirections (0.2.1)

PLATFORMS
  ruby

DEPENDENCIES
  nokogiri!
  open_uri_redirections!

BUNDLED WITH
   1.15.3
